GEM
  remote: http://rubygems.org/
  specs:
    activesupport (5.2.2)
      concurrent-ruby (~> 1.0, >= 1.0.2)
      i18n (>= 0.7, < 2)
      minitest (~> 5.1)
      tzinfo (~> 1.1)
    addressable (2.5.2)
      public_suffix (>= 2.0.2, < 4.0)
    ast (2.4.0)
    aws-eventstream (1.0.2)
    aws-partitions (1.144.0)
    aws-sdk-core (3.47.0)
      aws-eventstream (~> 1.0, >= 1.0.2)
      aws-partitions (~> 1.0)
      aws-sigv4 (~> 1.1)
      http-2 (~> 0.10)
      jmespath (~> 1.0)
    aws-sdk-kms (1.14.0)
      aws-sdk-core (~> 3, >= 3.47.0)
      aws-sigv4 (~> 1.1)
    aws-sdk-s3 (1.32.0)
      aws-sdk-core (~> 3, >= 3.47.0)
      aws-sdk-kms (~> 1)
      aws-sigv4 (~> 1.0)
    aws-sigv4 (1.1.0)
      aws-eventstream (~> 1.0, >= 1.0.2)
    concurrent-ruby (1.1.4)
    crack (0.4.3)
      safe_yaml (~> 1.0.0)
    diff-lcs (1.3)
    docile (1.3.1)
    faraday (0.15.4)
      multipart-post (>= 1.2, < 3)
    ffi (1.10.0)
    govuk-lint (3.11.0)
      rubocop (~> 0.64)
      rubocop-rspec (~> 1.28)
      scss_lint
    hashdiff (0.3.8)
    http-2 (0.10.1)
    i18n (1.5.1)
      concurrent-ruby (~> 1.0)
    jaro_winkler (1.5.2)
    jmespath (1.4.0)
    json (2.1.0)
    jwt (2.1.0)
    mail (2.7.1)
      mini_mime (>= 0.1.1)
    mini_mime (1.0.1)
    mini_portile2 (2.4.0)
    minitest (5.11.3)
    multipart-post (2.0.0)
    mustermann (1.0.3)
    mysql2 (0.5.2)
    nokogiri (1.10.1)
      mini_portile2 (~> 2.4.0)
    notifications-ruby-client (3.1.0)
      jwt (>= 1.5, < 3)
    parallel (1.13.0)
    parser (2.6.0.0)
      ast (~> 2.4.0)
    powerpack (0.1.2)
    public_suffix (3.0.3)
    puma (3.12.0)
    rack (2.0.6)
    rack-protection (2.0.5)
      rack
    rack-test (1.1.0)
      rack (>= 1.0, < 3)
    rainbow (3.0.0)
    rake (12.3.2)
    rb-fsevent (0.10.3)
    rb-inotify (0.10.0)
      ffi (~> 1.0)
    require_all (2.0.0)
    rspec (3.8.0)
      rspec-core (~> 3.8.0)
      rspec-expectations (~> 3.8.0)
      rspec-mocks (~> 3.8.0)
    rspec-core (3.8.0)
      rspec-support (~> 3.8.0)
    rspec-expectations (3.8.0)
      diff-lcs (>= 1.2.0, < 2.0)
      rspec-support (~> 3.8.0)
    rspec-mocks (3.8.0)
      diff-lcs (>= 1.2.0, < 2.0)
      rspec-support (~> 3.8.0)
    rspec-support (3.8.0)
    rubocop (0.64.0)
      jaro_winkler (~> 1.5.1)
      parallel (~> 1.10)
      parser (>= 2.5, != 2.5.1.1)
      powerpack (~> 0.1)
      rainbow (>= 2.2.2, < 4.0)
      ruby-progressbar (~> 1.7)
      unicode-display_width (~> 1.4.0)
    rubocop-rspec (1.32.0)
      rubocop (>= 0.60.0)
    ruby-progressbar (1.10.0)
    safe_yaml (1.0.4)
    sass (3.7.3)
      sass-listen (~> 4.0.0)
    sass-listen (4.0.0)
      rb-fsevent (~> 0.9, >= 0.9.4)
      rb-inotify (~> 0.9, >= 0.9.7)
    scss_lint (0.57.1)
      rake (>= 0.9, < 13)
      sass (~> 3.5, >= 3.5.5)
    sensible_logging (0.4.0)
      activesupport (~> 5.2)
      rack (~> 2.0)
    sentry-raven (2.9.0)
      faraday (>= 0.7.6, < 1.0)
    sequel (5.18.0)
    simplecov (0.16.1)
      docile (~> 1.1)
      json (>= 1.8, < 3)
      simplecov-html (~> 0.10.0)
    simplecov-html (0.10.2)
    sinatra (2.0.5)
      mustermann (~> 1.0)
      rack (~> 2.0)
      rack-protection (= 2.0.5)
      tilt (~> 2.0)
    thread_safe (0.3.6)
    tilt (2.0.9)
    timecop (0.9.1)
    tzinfo (1.2.5)
      thread_safe (~> 0.1)
    unicode-display_width (1.4.1)
    webmock (3.5.1)
      addressable (>= 2.3.6)
      crack (>= 0.3.2)
      hashdiff

PLATFORMS
  ruby

DEPENDENCIES
  aws-sdk-s3 (~> 1)
  govuk-lint
  mail (~> 2.7)
  mysql2
  nokogiri (~> 1.10)
  notifications-ruby-client (~> 3.1.0)
  puma
  rack-test
  rake (~> 12.3)
  require_all
  rspec
  sensible_logging (~> 0.4.0)
  sentry-raven
  sequel (~> 5.18)
  simplecov
  sinatra
  timecop
  webmock

RUBY VERSION
   ruby 2.5.1p57

BUNDLED WITH
   1.16.6
